GEM
  remote: https://rubygems.org/
  specs:
    byebug (9.1.0)
    colorize (0.8.1)
    diff-lcs (1.3)
    rspec (3.7.0)
      rspec-core (~> 3.7.0)
      rspec-expectations (~> 3.7.0)
      rspec-mocks (~> 3.7.0)
    rspec-core (3.7.0)
      rspec-support (~> 3.7.0)
    rspec-expectations (3.7.0)
      diff-lcs (>= 1.2.0, < 2.0)
      rspec-support (~> 3.7.0)
    rspec-mocks (3.7.0)
      diff-lcs (>= 1.2.0, < 2.0)
      rspec-support (~> 3.7.0)
    rspec-support (3.7.0)
    thor (0.20.0)

PLATFORMS
  ruby

DEPENDENCIES
  byebug
  colorize (~> 0.8.1)
  rspec (~> 3.7)
  thor (~> 0.20.0)

RUBY VERSION
   ruby 2.4.1p111

BUNDLED WITH
   1.16.0
